GIT
  remote: git://github.com/emiko/enju_trunk_circulation.git
  revision: bbad1528bc3ef5eced15a3378611ce1cf4afa7b3
  tag: v0.9
  specs:
    enju_trunk_circulation (1.0)
      rails (~> 3.2.8)

GIT
  remote: git://github.com/emiko/enju_trunk_frbr.git
  revision: 16fd22bb9a49132b61ba3f41f5adb663b7f1e0c6
  specs:
    enju_trunk_frbr (0.0.1)
      rails (~> 3.2.8)

GIT
  remote: git://github.com/emiko/enju_trunk_ill.git
  revision: 56ee5e100bd4ae4a5c0af88f1bcd531b11e3df69
  specs:
    enju_trunk_ill (0.1)
      rails (~> 3.2.8)

GIT
  remote: git://github.com/emiko/enju_trunk_statistics.git
  revision: dbee6aaa41d5c57bcd7d90901f2cd781398a32c3
  specs:
    enju_trunk_statistics (0.0.1)
      rails (~> 3.2.8)

GIT
  remote: git://github.com/emiko/thinreports-generator.git
  revision: 5c207f641c742a4116e45a30d1e1b52abd4d05ba
  specs:
    thinreports (0.7.6)
      prawn (>= 0.12.0)

GIT
  remote: git://github.com/nabeta/isbn-tools.git
  revision: 05e31384f167aa7d1e560f76c1c3faf104d64709
  specs:
    isbn-tools (0.2.0)

GIT
  remote: git://github.com/nabeta/sunspot-rails-tester.git
  revision: 34a55ca47c935ada9540a76fa2e2261e1e8b407d
  specs:
    sunspot-rails-tester (0.0.4)
      sunspot_rails (>= 1.2)
      sunspot_solr (>= 1.2)

GIT
  remote: git://github.com/next-l/enju_manifestation_viewer.git
  revision: 5d0e9544ad946e31d03d8a9858c7e0ae7c1cd365
  specs:
    enju_manifestation_viewer (0.1.0.pre3)
      rails (~> 3.2)

GIT
  remote: git://github.com/next-l/enju_oai.git
  revision: 43b5d906cc53c4c25993d75ca991cffa24f3fc2c
  specs:
    enju_oai (0.1.0.pre5)
      mobile-fu
      rails (~> 3.2)

GIT
  remote: git://github.com/shinozuka/enju_event.git
  revision: 70be5a1042b22b72246db98efe7ab989c4ce5518
  specs:
    enju_event (0.1.17.pre3)
      enju_core (~> 0.1.1.pre)
      enju_message (~> 0.1.14.pre)
      event-calendar (~> 2.3.3)
      has_scope
      inherited_resources
      paperclip
      rails (~> 3.2)
      simple_form
      state_machine

GIT
  remote: git://github.com/shinozuka/enju_message.git
  revision: ca6ee9c815c189e4d92d7ec9e46151f49fc69e28
  specs:
    enju_message (0.1.14.pre)
      awesome_nested_set (~> 2.1)
      enju_core (~> 0.1.1.pre)
      inherited_resources
      rails (~> 3.2)
      resque_mailer
      simple_form
      state_machine

GIT
  remote: https://mis-enju:3M9irait@github.com/MiraitSystems/enju_ssf.git
  revision: bc4112e863b78307232b8071d7b03b2f4edf9458
  specs:
    enju_ssf (0.0.1)
      axlsx
      rails (~> 3.2.8)
      settingslogic

GEM
  remote: https://rubygems.org/
  specs:
    Ascii85 (1.0.2)
    RedCloth (4.2.9)
    actionmailer (3.2.11)
      actionpack (= 3.2.11)
      mail (~> 2.4.4)
    actionpack (3.2.11)
      activemodel (= 3.2.11)
      activesupport (= 3.2.11)
      builder (~> 3.0.0)
      erubis (~> 2.7.0)
      journey (~> 1.0.4)
      rack (~> 1.4.0)
      rack-cache (~> 1.2)
      rack-test (~> 0.6.1)
      sprockets (~> 2.2.1)
    activemodel (3.2.11)
      activesupport (= 3.2.11)
      builder (~> 3.0.0)
    activerecord (3.2.11)
      activemodel (= 3.2.11)
      activesupport (= 3.2.11)
      arel (~> 3.0.2)
      tzinfo (~> 0.3.29)
    activeresource (3.2.11)
      activemodel (= 3.2.11)
      activesupport (= 3.2.11)
    activesupport (3.2.11)
      i18n (~> 0.6)
      multi_json (~> 1.0)
    acts-as-taggable-on (2.3.3)
      rails (~> 3.0)
    acts_as_list (0.1.9)
    addressable (2.3.2)
    afm (0.2.0)
    annotate (2.5.0)
      rake
    arel (3.0.2)
    arrayfields (4.7.4)
    attribute_normalizer (1.1.0)
    awesome_nested_set (2.1.5)
      activerecord (>= 3.0.0)
    aws-sdk (1.8.0)
      httparty (~> 0.7)
      json (~> 1.4)
      nokogiri (>= 1.4.4)
      uuidtools (~> 2.1)
    axlsx (1.3.4)
      htmlentities (~> 4.3.1)
      nokogiri (>= 1.4.1)
      rubyzip (>= 0.9.5)
    barby (0.5.0)
    bcrypt-ruby (3.0.1)
    bluff (0.1.0)
    builder (3.0.4)
    cancan (1.6.8)
    choice (0.1.6)
    chronic (0.9.0)
    chunky_png (1.2.5)
    churn (0.0.25)
      chronic (>= 0.2.3)
      hirb
      json_pure
      main
      ruby_parser (~> 2.3)
      sexp_processor (~> 3.0)
    ci_reporter (1.8.3)
      builder (>= 2.1.2)
    client_side_validations (3.2.1)
    cocaine (0.4.2)
    coderay (1.0.8)
    coffee-rails (3.2.2)
      coffee-script (>= 2.2.0)
      railties (~> 3.2.0)
    coffee-script (2.2.0)
      coffee-script-source
      execjs
    coffee-script-source (1.4.0)
    colored (1.2)
    configatron (2.9.1)
      yamler (>= 0.1.0)
    crypt19 (1.2.1)
    daemons (1.1.9)
    dalli (1.1.5)
    database_cleaner (0.9.1)
    delayed_job (3.0.4)
      activesupport (~> 3.0)
    delayed_job_active_record (0.3.3)
      activerecord (>= 2.1.0, < 4)
      delayed_job (~> 3.0)
    devise (1.5.3)
      bcrypt-ruby (~> 3.0)
      orm_adapter (~> 0.0.3)
      warden (~> 1.1)
    diff-lcs (1.1.3)
    dynamic_form (1.1.4)
    enju_book_jacket (0.1.0.pre)
      configatron
      rails (~> 3.2)
    enju_core (0.1.1.pre2)
      acts_as_list
      addressable
      attribute_normalizer (~> 1.1)
      cancan
      devise
      friendly_id (~> 4.0)
      kaminari
      mobile-fu
      rails (~> 3.2)
      resque
      settingslogic
      sunspot_rails (~> 2.0.0.pre.120925)
    enju_ndl (0.1.0.pre3)
      library_stdnums
      lisbn
      nokogiri
      rails (~> 3.2)
    erubis (2.7.0)
    event-calendar (2.3.3)
    exception_notification (2.5.2)
      actionmailer (>= 3.0.4)
    execjs (1.4.0)
      multi_json (~> 1.0)
    factory_girl (3.6.2)
      activesupport (>= 3.0.0)
    factory_girl_rails (3.6.0)
      factory_girl (~> 3.6.0)
      railties (>= 3.0.0)
    fakeweb (1.3.0)
    faraday (0.8.4)
      multipart-post (~> 1.1)
    fattr (2.2.1)
    file_wrapper (0.4.1)
    flay (1.2.1)
      hoe (>= 1.11.0)
      ruby_parser (>= 1.1.0)
      sexp_processor (>= 3.0.0)
    flog (2.3.0)
      ruby_parser (~> 2.0)
      sexp_processor (~> 3.0)
    friendly_id (4.0.9)
    geocoder (1.1.6)
    google-spreadsheet-ruby (0.3.0)
      google_drive (>= 0.3.0)
    google_drive (0.3.2)
      nokogiri (>= 1.4.4, != 1.5.2, != 1.5.1)
      oauth (>= 0.3.6)
      oauth2 (>= 0.5.0)
    googlecharts (1.6.8)
    guard (1.6.1)
      listen (>= 0.6.0)
      lumberjack (>= 1.0.2)
      pry (>= 0.9.10)
      thor (>= 0.14.6)
    guard-rspec (2.4.0)
      guard (>= 1.1)
      rspec (~> 2.11)
    haml (3.1.7)
    has_scope (0.5.1)
    hashery (2.1.0)
    hashie (1.2.0)
    highline (1.6.15)
    hike (1.2.1)
    hirb (0.7.0)
    hoe (3.4.1)
      rake (>= 0.8, < 11.0)
    htmlentities (4.3.1)
    httparty (0.10.0)
      multi_json (~> 1.0)
      multi_xml
    httpauth (0.2.0)
    i18n (0.6.1)
    inherited_resources (1.3.1)
      has_scope (~> 0.5.0)
      responders (~> 0.6)
    japgolly-Saikuro (1.1.1.0)
    journey (1.0.4)
    jpp_customercode_transfer (0.0.2)
      rails (~> 3.2.3)
    jquery-rails (2.1.4)
      railties (>= 3.0, < 5.0)
      thor (>= 0.14, < 2.0)
    json (1.7.6)
    json_pure (1.7.6)
    jwt (0.1.5)
      multi_json (>= 1.0)
    kaminari (0.14.1)
      actionpack (>= 3.0.0)
      activesupport (>= 3.0.0)
    kgio (2.7.4)
    library_stdnums (1.2.0)
    libv8 (3.11.8.13)
    lisbn (0.1.2)
      nori
    listen (0.7.2)
    log4r (1.1.10)
    lumberjack (1.0.2)
    mail (2.4.4)
      i18n (>= 0.4.0)
      mime-types (~> 1.16)
      treetop (~> 1.4.8)
    main (5.1.1)
      arrayfields (>= 4.7.4)
      chronic (>= 0.6.2)
      fattr (>= 2.2.0)
      map (>= 5.1.0)
    map (6.2.0)
    method_source (0.8.1)
    metric_fu (2.1.3.7.19)
      activesupport (>= 2.0.0)
      arrayfields (= 4.7.4)
      bluff
      churn (= 0.0.25)
      coderay
      fattr (= 2.2.1)
      flay (= 1.2.1)
      flog (= 2.3.0)
      googlecharts
      japgolly-Saikuro (>= 1.1.1.0)
      map (= 6.2.0)
      metric_fu-roodi (>= 2.2.0)
      rails_best_practices (~> 0.10.1)
      rcov (~> 0.8)
      reek (= 1.2.12)
      sexp_processor (~> 3.0.3)
    metric_fu-roodi (2.2.0)
      ruby_parser
    mime-types (1.19)
    mobile-fu (1.1.1)
      rack-mobile-detect
      rails
    multi_json (1.5.0)
    multi_xml (0.5.2)
    multipart-post (1.1.5)
    nokogiri (1.5.6)
    nori (1.0.3)
    oauth (0.4.7)
    oauth2 (0.8.0)
      faraday (~> 0.8)
      httpauth (~> 0.1)
      jwt (~> 0.1.4)
      multi_json (~> 1.0)
      rack (~> 1.2)
    omniauth (1.1.1)
      hashie (~> 1.2)
      rack
    options (2.3.0)
      fattr
    orm_adapter (0.0.7)
    paper_trail (2.7.0)
      activerecord (~> 3.0)
      railties (~> 3.0)
    paperclip (2.8.0)
      activerecord (>= 2.3.0)
      activesupport (>= 2.3.2)
      cocaine (>= 0.0.2)
      mime-types
    parallel (0.6.1)
    parallel_tests (0.9.2)
      parallel
    paranoia (1.2.0)
      activerecord (>= 3.0.0)
    pdf-reader (1.3.0)
      Ascii85 (~> 1.0.0)
      afm (~> 0.2.0)
      hashery (~> 2.0)
      ruby-rc4
      ttfunk
    pg (0.14.1)
    polyglot (0.3.3)
    pr_geohash (1.0.0)
    prawn (1.0.0.rc1)
      pdf-reader (>= 0.9.0)
      ttfunk (~> 1.0.3)
    progress_bar (0.4.0)
      highline (~> 1.6.1)
      options (~> 2.3.0)
    pry (0.9.11.2)
      coderay (~> 1.0.5)
      method_source (~> 0.8)
      slop (~> 3.4)
    rack (1.4.4)
    rack-cache (1.2)
      rack (>= 0.4)
    rack-mobile-detect (0.4.0)
      rack
    rack-protection (1.3.2)
      rack
    rack-ssl (1.3.2)
      rack
    rack-test (0.6.2)
      rack (>= 1.0)
    rails (3.2.11)
      actionmailer (= 3.2.11)
      actionpack (= 3.2.11)
      activerecord (= 3.2.11)
      activeresource (= 3.2.11)
      activesupport (= 3.2.11)
      bundler (~> 1.0)
      railties (= 3.2.11)
    rails_autolink (1.0.9)
      rails (~> 3.1)
    rails_best_practices (0.10.1)
      activesupport
      colored
      erubis
      haml
      i18n
      ruby-progressbar
      ruby_parser
    railties (3.2.11)
      actionpack (= 3.2.11)
      activesupport (= 3.2.11)
      rack-ssl (~> 1.3.2)
      rake (>= 0.8.7)
      rdoc (~> 3.4)
      thor (>= 0.14.6, < 2.0)
    rake (10.0.3)
    rcov (0.9.11)
    rdoc (3.12)
      json (~> 1.4)
    redis (3.0.2)
    redis-namespace (1.2.1)
      redis (~> 3.0.0)
    reek (1.2.12)
      ripper_ruby_parser (~> 0.0.7)
      ruby2ruby (~> 1.2.5)
      ruby_parser (~> 2.0)
      sexp_processor (~> 3.0)
    ref (1.0.2)
    responders (0.9.3)
      railties (~> 3.1)
    resque (1.23.0)
      multi_json (~> 1.0)
      redis-namespace (~> 1.0)
      sinatra (>= 0.9.2)
      vegas (~> 0.1.2)
    resque_mailer (2.2.1)
      actionmailer (~> 3.0)
    rghost (0.8.7.9)
    rghost_barcode (0.9)
    ri_cal (0.8.8)
    ripper_ruby_parser (0.0.8)
      sexp_processor (~> 3.0)
    rmagick (2.13.1)
    roo (1.10.1)
      choice (>= 0.1.4)
      google-spreadsheet-ruby (>= 0.1.5)
      nokogiri (>= 1.5.0)
      rubyzip (>= 0.9.4)
      spreadsheet (> 0.6.4)
      todonotes (>= 0.1.0)
    rqrcode (0.4.2)
    rscribd (1.3.0)
      mime-types
    rsolr (1.0.8)
      builder (>= 2.1.2)
    rspec (2.12.0)
      rspec-core (~> 2.12.0)
      rspec-expectations (~> 2.12.0)
      rspec-mocks (~> 2.12.0)
    rspec-core (2.12.2)
    rspec-expectations (2.12.1)
      diff-lcs (~> 1.1.3)
    rspec-mocks (2.12.1)
    rspec-rails (2.12.2)
      actionpack (>= 3.0)
      activesupport (>= 3.0)
      railties (>= 3.0)
      rspec-core (~> 2.12.0)
      rspec-expectations (~> 2.12.0)
      rspec-mocks (~> 2.12.0)
    ruby-ole (1.2.11.6)
    ruby-prof (0.12.0)
    ruby-progressbar (1.0.2)
    ruby-rc4 (0.1.5)
    ruby2ruby (1.2.5)
      ruby_parser (~> 2.0)
      sexp_processor (~> 3.0)
    ruby_parser (2.3.1)
      sexp_processor (~> 3.0)
    rubyzip (0.9.9)
    sanitize (2.0.3)
      nokogiri (>= 1.4.4, < 1.6)
    sass (3.2.5)
    sass-rails (3.2.6)
      railties (~> 3.2.0)
      sass (>= 3.1.10)
      tilt (~> 1.3)
    scribd_fu (2.0.11)
      rscribd
    settingslogic (2.0.9)
    sexp_processor (3.0.10)
    simple_form (1.5.2)
      actionpack (~> 3.0)
      activemodel (~> 3.0)
    simplecov (0.7.1)
      multi_json (~> 1.0)
      simplecov-html (~> 0.7.1)
    simplecov-html (0.7.1)
    sinatra (1.3.3)
      rack (~> 1.3, >= 1.3.6)
      rack-protection (~> 1.2)
      tilt (~> 1.3, >= 1.3.3)
    sitemap_generator (3.4)
      builder
    slop (3.4.3)
    spinjs-rails (1.2.7)
      rails (>= 3.1)
    spork (1.0.0rc3)
    spork-rails (3.2.1)
      rails (>= 3.0.0, < 3.3.0)
      spork (>= 1.0rc0)
    spreadsheet (0.7.6)
      ruby-ole (>= 1.0)
    sprockets (2.2.2)
      hike (~> 1.2)
      multi_json (~> 1.0)
      rack (~> 1.0)
      tilt (~> 1.1, != 1.3.0)
    state_machine (1.1.2)
    sunspot (2.0.0.pre.130115)
      pr_geohash (~> 1.0)
      rsolr (~> 1.0.7)
    sunspot_rails (2.0.0.pre.130115)
      nokogiri
      sunspot (= 2.0.0.pre.130115)
    sunspot_solr (2.0.0.pre.130115)
    therubyracer (0.11.3)
      libv8 (~> 3.11.8.12)
      ref
    thor (0.16.0)
    tilt (1.3.3)
    timecop (0.5.9)
    timeliness (0.3.7)
    todonotes (0.1.1)
      log4r
    treetop (1.4.12)
      polyglot
      polyglot (>= 0.3.1)
    ttfunk (1.0.3)
    tzinfo (0.3.35)
    uglifier (1.3.0)
      execjs (>= 0.3.0)
      multi_json (~> 1.0, >= 1.0.2)
    uuidtools (2.1.3)
    validates_timeliness (3.0.14)
      timeliness (~> 0.3.6)
    vcr (2.0.1)
    vegas (0.1.11)
      rack (>= 1.0.0)
    warden (1.2.1)
      rack (>= 1.0)
    whenever (0.8.2)
      activesupport (>= 2.3.4)
      chronic (>= 0.6.3)
    yamler (0.1.0)
    zipruby (0.3.6)

PLATFORMS
  ruby

DEPENDENCIES
  RedCloth (>= 4.2.9)
  acts-as-taggable-on (~> 2.2)
  acts_as_list
  addressable
  annotate
  attribute_normalizer (~> 1.1)
  awesome_nested_set (~> 2.0)
  aws-sdk (~> 1.3)
  barby (~> 0.5)
  cancan (>= 1.6.7)
  chunky_png (= 1.2.5)
  ci_reporter
  client_side_validations
  cocaine (= 0.4.2)
  coffee-rails (~> 3.2.1)
  crypt19
  daemons
  dalli (~> 1.1)
  database_cleaner
  delayed_job_active_record
  devise (~> 1.5)
  dynamic_form
  enju_book_jacket (= 0.1.0.pre)
  enju_event!
  enju_manifestation_viewer!
  enju_message!
  enju_ndl (= 0.1.0.pre3)
  enju_oai!
  enju_ssf!
  enju_trunk_circulation!
  enju_trunk_frbr!
  enju_trunk_ill!
  enju_trunk_statistics!
  event-calendar
  exception_notification (~> 2.5.2)
  factory_girl_rails (~> 3.0)
  fakeweb
  file_wrapper
  friendly_id (~> 4.0)
  geocoder
  guard-rspec
  has_scope
  inherited_resources (~> 1.3)
  isbn-tools!
  jpp_customercode_transfer (~> 0.0.2)
  jquery-rails
  kaminari
  kgio
  library_stdnums
  metric_fu (~> 2.1)
  mobile-fu
  nokogiri
  omniauth (>= 0.2.6)
  paper_trail (~> 2.6)
  paperclip (= 2.8)
  parallel
  parallel_tests
  paranoia
  pg
  prawn (= 1.0.0.rc1)
  progress_bar
  rack-protection
  rails (= 3.2.11)
  rails_autolink
  rcov (= 0.9.11)
  rghost
  rghost_barcode
  ri_cal
  rmagick
  roo
  rqrcode
  rspec-rails (~> 2.9)
  ruby-prof
  sanitize
  sass-rails (~> 3.2.3)
  scribd_fu
  settingslogic
  simple_form (~> 1.5)
  simplecov (~> 0.6)
  sitemap_generator (~> 3.0)
  spinjs-rails
  spork-rails
  state_machine
  sunspot-rails-tester!
  sunspot_rails (~> 2.0.0.pre.120417)
  sunspot_solr (~> 2.0.0.pre.120417)
  therubyracer
  thinreports!
  timecop
  uglifier (>= 1.0.3)
  validates_timeliness
  vcr (~> 2.0.0.rc2)
  whenever (~> 0.6)
  zipruby
