GIT
  remote: git://github.com/emiko/acts_as_list.git
  revision: 487ae2633e187436f776cbd7fbd1c57b2db225a5
  specs:
    acts_as_list (0.1.4)

GIT
  remote: git://github.com/nabeta/enju_book_jacket.git
  revision: 688cca0c3a0e101d7cd208e71ce6aa7e9fd0cbed
  specs:
    enju_book_jacket (0.0.1)
      configatron
      rails (~> 3.2)

GIT
  remote: git://github.com/nabeta/enju_manifestation_viewer.git
  revision: 63cddc5dbd2865cec4bb571700a5b0880d42128f
  specs:
    enju_manifestation_viewer (0.0.1)
      addressable
      rails (~> 3.2)

GIT
  remote: git://github.com/nabeta/enju_ndl.git
  revision: aa6a01c3f443cfa878664dd7b8e69b7bc881daa1
  specs:
    enju_ndl (0.0.12)
      devise
      nokogiri
      rails (~> 3.1)
      will_paginate (~> 3.0)

GIT
  remote: git://github.com/nabeta/enju_oai.git
  revision: 7e7fb239ddbc4d7d084be5043d34d2f0e991b379
  specs:
    enju_oai (0.0.1)
      rails (~> 3.1)

GIT
  remote: git://github.com/nabeta/isbn-tools.git
  revision: 05e31384f167aa7d1e560f76c1c3faf104d64709
  specs:
    isbn-tools (0.2.0)

GEM
  remote: https://rubygems.org/
  specs:
    Ascii85 (1.0.1)
    RedCloth (4.2.9)
    Saikuro (1.1.0)
    aaronh-chronic (0.3.9)
    actionmailer (3.2.1)
      actionpack (= 3.2.1)
      mail (~> 2.4.0)
    actionpack (3.2.1)
      activemodel (= 3.2.1)
      activesupport (= 3.2.1)
      builder (~> 3.0.0)
      erubis (~> 2.7.0)
      journey (~> 1.0.1)
      rack (~> 1.4.0)
      rack-cache (~> 1.1)
      rack-test (~> 0.6.1)
      sprockets (~> 2.1.2)
    activemodel (3.2.1)
      activesupport (= 3.2.1)
      builder (~> 3.0.0)
    activerecord (3.2.1)
      activemodel (= 3.2.1)
      activesupport (= 3.2.1)
      arel (~> 3.0.0)
      tzinfo (~> 0.3.29)
    activeresource (3.2.1)
      activemodel (= 3.2.1)
      activesupport (= 3.2.1)
    activesupport (3.2.1)
      i18n (~> 0.6)
      multi_json (~> 1.0)
    acts-as-taggable-on (2.2.2)
      rails (~> 3.0)
    addressable (2.2.7)
    annotate (2.4.0)
    arel (3.0.2)
    attribute_normalizer (1.1.0)
    awesome_nested_set (2.1.2)
      activerecord (>= 3.0.0)
    aws-sdk (1.3.5)
      httparty (~> 0.7)
      json (~> 1.4)
      nokogiri (>= 1.4.4)
      uuidtools (~> 2.1)
    barby (0.5.0)
    bcrypt-ruby (3.0.1)
    builder (3.0.0)
    cancan (1.6.7)
    chronic (0.3.0)
    churn (0.0.13)
      chronic (>= 0.2.3)
      hirb
      json_pure
      main
      ruby_parser (~> 2.0.4)
      sexp_processor (~> 3.0.3)
    client_side_validations (3.1.4)
    cocaine (0.2.1)
    coffee-rails (3.2.2)
      coffee-script (>= 2.2.0)
      railties (~> 3.2.0)
    coffee-script (2.2.0)
      coffee-script-source
      execjs
    coffee-script-source (1.2.0)
    colored (1.2)
    configatron (2.9.0)
      yamler (>= 0.1.0)
    crypt19 (1.2.1)
    daemons (1.1.8)
    dalli (1.1.5)
    delayed_job (3.0.1)
      activesupport (~> 3.0)
    delayed_job_active_record (0.3.2)
      activerecord (> 2.1.0)
      delayed_job (~> 3.0.0)
    devise (1.5.3)
      bcrypt-ruby (~> 3.0)
      orm_adapter (~> 0.0.3)
      warden (~> 1.1)
    diff-lcs (1.1.3)
    dynamic_form (1.1.4)
    erubis (2.7.0)
    escape (0.0.4)
    event-calendar (2.3.3)
    exception_notification (2.5.2)
      actionmailer (>= 3.0.4)
    execjs (1.3.0)
      multi_json (~> 1.0)
    factory_girl (2.6.0)
      activesupport (>= 2.3.9)
    factory_girl_rails (1.7.0)
      factory_girl (~> 2.6.0)
      railties (>= 3.0.0)
    fakeweb (1.3.0)
    fattr (2.2.1)
    ffi (1.0.11)
    file_wrapper (0.4.1)
    flay (1.4.3)
      ruby_parser (~> 2.0)
      sexp_processor (~> 3.0)
    flog (2.5.3)
      ruby_parser (~> 2.0)
      sexp_processor (~> 3.0)
    friendly_id (4.0.0)
    geocoder (1.1.1)
    guard (1.0.0)
      ffi (>= 0.5.0)
      thor (~> 0.14.6)
    guard-rspec (0.6.0)
      guard (>= 0.10.0)
    has_scope (0.5.1)
    hashie (1.2.0)
    highline (1.6.11)
    hike (1.2.1)
    hirb (0.6.0)
    httparty (0.8.1)
      multi_json
      multi_xml
    i18n (0.6.0)
    inherited_resources (1.3.0)
      has_scope (~> 0.5.0)
      responders (~> 0.6.0)
    journey (1.0.3)
    jquery-rails (2.0.0)
      railties (>= 3.2.0.beta, < 5.0)
      thor (~> 0.14)
    json (1.6.5)
    json_pure (1.6.5)
    kgio (2.7.2)
    library_stdnums (1.1.0)
    libv8 (3.3.10.4)
    mail (2.4.1)
      i18n (>= 0.4.0)
      mime-types (~> 1.16)
      treetop (~> 1.4.8)
    main (4.7.1)
    metric_fu (2.1.1)
      Saikuro (>= 1.1.0)
      activesupport (>= 2.0.0)
      chronic (~> 0.3.0)
      churn (>= 0.0.7)
      flay (>= 1.2.1)
      flog (>= 2.3.0)
      rails_best_practices (>= 0.6.4)
      rcov (>= 0.8.3.3)
      reek (>= 1.2.6)
      roodi (>= 2.1.0)
      syntax
    mime-types (1.17.2)
    mobile-fu (1.0.0)
      rack-mobile-detect
      rails
    multi_json (1.1.0)
    multi_xml (0.4.1)
    nokogiri (1.5.0)
    omniauth (1.0.2)
      hashie (~> 1.2)
      rack
    options (2.3.0)
      fattr
    orm_adapter (0.0.6)
    paper_trail (2.6.0)
      rails (~> 3)
    paperclip (2.7.0)
      activerecord (>= 2.3.0)
      activesupport (>= 2.3.2)
      cocaine (>= 0.0.2)
      mime-types
    parallel (0.5.15)
    parallel_tests (0.6.20)
      parallel
    paranoia (1.1.0)
      activerecord (>= 3.0.0)
    pdf-reader (1.0.0)
      Ascii85 (~> 1.0.0)
      ruby-rc4
    pg (0.13.2)
    polyglot (0.3.3)
    pr_geohash (1.0.0)
    prawn (0.12.0)
      pdf-reader (>= 0.9.0)
      ttfunk (~> 1.0.2)
    progress_bar (0.4.0)
      highline (~> 1.6.1)
      options (~> 2.3.0)
    progressbar (0.10.0)
    rack (1.4.1)
    rack-cache (1.1)
      rack (>= 0.4)
    rack-mobile-detect (0.3.0)
      rack
    rack-protection (1.2.0)
      rack
    rack-ssl (1.3.2)
      rack
    rack-test (0.6.1)
      rack (>= 1.0)
    rails (3.2.1)
      actionmailer (= 3.2.1)
      actionpack (= 3.2.1)
      activerecord (= 3.2.1)
      activeresource (= 3.2.1)
      activesupport (= 3.2.1)
      bundler (~> 1.0)
      railties (= 3.2.1)
    rails_best_practices (1.8.0)
      activesupport
      colored
      erubis
      i18n
      progressbar
      sexp_processor
    railties (3.2.1)
      actionpack (= 3.2.1)
      activesupport (= 3.2.1)
      rack-ssl (~> 1.3.2)
      rake (>= 0.8.7)
      rdoc (~> 3.4)
      thor (~> 0.14.6)
    rake (0.9.2.2)
    rcov (0.9.11)
    rdoc (3.12)
      json (~> 1.4)
    reek (1.2.8)
      ruby2ruby (~> 1.2)
      ruby_parser (~> 2.0)
      sexp_processor (~> 3.0)
    responders (0.6.5)
    rghost (0.8.7.6)
    rghost_barcode (0.9)
    ri_cal (0.8.8)
    rmagick (2.13.1)
    roodi (2.1.0)
      ruby_parser
    rqrcode (0.4.2)
    rscribd (1.3.0)
      mime-types
    rsolr (1.0.7)
      builder (>= 2.1.2)
    rspec (2.8.0)
      rspec-core (~> 2.8.0)
      rspec-expectations (~> 2.8.0)
      rspec-mocks (~> 2.8.0)
    rspec-core (2.8.0)
    rspec-expectations (2.8.0)
      diff-lcs (~> 1.1.2)
    rspec-mocks (2.8.0)
    rspec-rails (2.8.1)
      actionpack (>= 3.0)
      activesupport (>= 3.0)
      railties (>= 3.0)
      rspec (~> 2.8.0)
    ruby-prof (0.10.8)
    ruby-rc4 (0.1.5)
    ruby2ruby (1.3.1)
      ruby_parser (~> 2.0)
      sexp_processor (~> 3.0)
    ruby_parser (2.0.6)
      sexp_processor (~> 3.0)
    sanitize (2.0.3)
      nokogiri (>= 1.4.4, < 1.6)
    sass (3.1.15)
    sass-rails (3.2.4)
      railties (~> 3.2.0)
      sass (>= 3.1.10)
      tilt (~> 1.3)
    scribd_fu (2.0.11)
      rscribd
    sexp_processor (3.0.10)
    simple_form (1.5.2)
      actionpack (~> 3.0)
      activemodel (~> 3.0)
    simplecov (0.6.1)
      multi_json (~> 1.0)
      simplecov-html (~> 0.5.3)
    simplecov-html (0.5.3)
    sitemap_generator (3.0.0)
      builder
    spork (1.0.0rc2)
    spork-rails (3.2.0)
      rails (>= 3.0.0, < 3.3.0)
      spork (>= 1.0rc0)
    sprockets (2.1.2)
      hike (~> 1.2)
      rack (~> 1.0)
      tilt (~> 1.1, != 1.3.0)
    state_machine (1.1.2)
    sunspot (1.3.0)
      escape (~> 0.0.4)
      pr_geohash (~> 1.0)
      rsolr (~> 1.0.6)
    sunspot-rails-tester (0.0.4)
      sunspot_rails (~> 1.2)
    sunspot_rails (1.3.0)
      nokogiri
      sunspot (= 1.3.0)
    sunspot_solr (1.3.0)
      escape (~> 0.0.4)
    syntax (1.0.0)
    therubyracer (0.9.10)
      libv8 (~> 3.3.10)
    thinreports (0.7.0)
      prawn (>= 0.12.0, <= 0.12.0)
    thor (0.14.6)
    tilt (1.3.3)
    timecop (0.3.5)
    timeliness (0.3.4)
    treetop (1.4.10)
      polyglot
      polyglot (>= 0.3.1)
    ttfunk (1.0.3)
    tzinfo (0.3.31)
    uglifier (1.2.3)
      execjs (>= 0.3.0)
      multi_json (>= 1.0.2)
    uuidtools (2.1.2)
    validates_timeliness (3.0.8)
      timeliness (~> 0.3.4)
    vcr (2.0.0.rc2)
    warden (1.1.1)
      rack (>= 1.0)
    whenever (0.6.8)
      aaronh-chronic (>= 0.3.9)
      activesupport (>= 2.3.4)
    will_paginate (3.0.3)
    yamler (0.1.0)
    zipruby (0.3.6)

PLATFORMS
  ruby

DEPENDENCIES
  RedCloth (>= 4.2.9)
  acts-as-taggable-on (~> 2.2)
  acts_as_list!
  addressable
  annotate
  attribute_normalizer (~> 1.1)
  awesome_nested_set (~> 2.0)
  aws-sdk (~> 1.3)
  barby (~> 0.5)
  cancan (>= 1.6.7)
  churn (= 0.0.13)
  client_side_validations
  coffee-rails (~> 3.2.1)
  configatron
  crypt19
  daemons
  dalli (~> 1.1)
  delayed_job_active_record
  devise (~> 1.5)
  dynamic_form
  enju_book_jacket!
  enju_manifestation_viewer!
  enju_ndl!
  enju_oai!
  event-calendar
  exception_notification (~> 2.5.2)
  factory_girl_rails (~> 1.7)
  fakeweb
  file_wrapper
  friendly_id (~> 4.0)
  geocoder
  guard-rspec
  has_scope
  inherited_resources (~> 1.3)
  isbn-tools!
  jquery-rails
  kgio
  library_stdnums
  metric_fu (~> 2.1)
  mobile-fu
  nokogiri
  omniauth (>= 0.2.6)
  paper_trail (~> 2.6)
  paperclip (~> 2.6)
  parallel_tests
  paranoia
  pg
  progress_bar
  rack-protection
  rails (= 3.2.1)
  rcov (= 0.9.11)
  rghost
  rghost_barcode
  ri_cal
  rmagick
  rqrcode
  rspec-rails (~> 2.8.1)
  ruby-prof
  sanitize
  sass-rails (~> 3.2.3)
  scribd_fu
  simple_form (~> 1.5)
  simplecov (~> 0.6)
  sitemap_generator (~> 3.0)
  spork-rails
  state_machine
  sunspot-rails-tester
  sunspot_rails (~> 1.3)
  sunspot_solr (~> 1.3)
  therubyracer
  thinreports
  timecop
  uglifier (>= 1.0.3)
  validates_timeliness
  vcr (~> 2.0.0.rc2)
  whenever (~> 0.6)
  will_paginate (~> 3.0)
  zipruby
