GIT
  remote: git://github.com/MiraitSystems/enju_trunk_circulation.git
  revision: e0d2d4386db57158e03633be9573d6229b884ba7
  tag: version0.9.3
  specs:
    enju_trunk_circulation (0.9.3)
      attribute_normalizer
      breadcrumbs_on_rails
      cancan
      rails (~> 3.2.8)
      state_machine

GIT
  remote: git://github.com/MiraitSystems/enju_trunk_event.git
  revision: 4bc8e0d0d75e9ae4b78201af486f72446b83d153
  tag: version0.2
  specs:
    enju_trunk_event (0.2)
      enju_core (~> 0.1.1.pre)
      event-calendar (~> 2.3.3)
      has_scope
      inherited_resources
      paperclip
      rails (~> 3.2)
      simple_form
      state_machine

GIT
  remote: git://github.com/MiraitSystems/enju_trunk_ill.git
  revision: 7d6e1cb6413a4e4c1e4b9b57165efc1979321407
  tag: version0.0.1
  specs:
    enju_trunk_ill (0.1)
      rails (~> 3.2.8)

GIT
  remote: git://github.com/MiraitSystems/enju_trunk_message.git
  revision: 63f45fe901a4d0fdb085321b9b3aaebde1cca179
  specs:
    enju_message (0.1.14.pre3.t.1.0)
      awesome_nested_set (~> 2.1)
      enju_core (~> 0.1.1.pre2)
      inherited_resources
      rails (~> 3.2)
      resque_mailer
      simple_form
      state_machine

GIT
  remote: git://github.com/MiraitSystems/enju_trunk_statistics.git
  revision: fb622007db7e8e0d7feb441b309d7b23bdf8cca5
  tag: version0.0.1
  specs:
    enju_trunk_statistics (0.0.1)
      rails (~> 3.2.8)

GIT
  remote: git://github.com/emiko/enju_trunk_frbr.git
  revision: f899fc12e2ad2d07dd17375eac29a276d3144274
  tag: v1.0.0
  specs:
    enju_trunk_frbr (1.0.0)
      lisbn
      nori (~> 1.1)
      rails (~> 3.2)

GIT
  remote: git://github.com/emiko/thinreports-generator.git
  revision: 5c207f641c742a4116e45a30d1e1b52abd4d05ba
  specs:
    thinreports (0.7.6)
      prawn (>= 0.12.0)

GIT
  remote: git://github.com/nabeta/sunspot-rails-tester.git
  revision: 34a55ca47c935ada9540a76fa2e2261e1e8b407d
  specs:
    sunspot-rails-tester (0.0.4)
      sunspot_rails (>= 1.2)
      sunspot_solr (>= 1.2)

PATH
  remote: ../enju_ssf
  specs:
    enju_ssf (0.0.1)
      axlsx
      rails (~> 3.2.8)
      settingslogic

GEM
  remote: https://rubygems.org/
  specs:
    Ascii85 (1.0.2)
    RedCloth (4.2.9)
    actionmailer (3.2.11)
      actionpack (= 3.2.11)
      mail (~> 2.4.4)
    actionpack (3.2.11)
      activemodel (= 3.2.11)
      activesupport (= 3.2.11)
      builder (~> 3.0.0)
      erubis (~> 2.7.0)
      journey (~> 1.0.4)
      rack (~> 1.4.0)
      rack-cache (~> 1.2)
      rack-test (~> 0.6.1)
      sprockets (~> 2.2.1)
    activemodel (3.2.11)
      activesupport (= 3.2.11)
      builder (~> 3.0.0)
    activerecord (3.2.11)
      activemodel (= 3.2.11)
      activesupport (= 3.2.11)
      arel (~> 3.0.2)
      tzinfo (~> 0.3.29)
    activeresource (3.2.11)
      activemodel (= 3.2.11)
      activesupport (= 3.2.11)
    activesupport (3.2.11)
      i18n (~> 0.6)
      multi_json (~> 1.0)
    acts-as-taggable-on (2.4.1)
      rails (>= 3, < 5)
    acts_as_list (0.4.0)
      activerecord (>= 3.0)
    addressable (2.3.6)
    afm (0.2.2)
    annotate (2.6.5)
      activerecord (>= 2.3.0)
      rake (>= 0.8.7)
    arel (3.0.3)
    arrayfields (4.7.4)
    attribute_normalizer (1.2.0)
    awesome_nested_set (2.1.6)
      activerecord (>= 3.0.0)
    aws-sdk (1.52.0)
      aws-sdk-v1 (= 1.52.0)
    aws-sdk-v1 (1.52.0)
      json (~> 1.4)
      nokogiri (>= 1.4.4)
    axlsx (2.0.1)
      htmlentities (~> 4.3.1)
      nokogiri (>= 1.4.1)
      rubyzip (~> 1.0.0)
    barby (0.6.1)
    bcrypt (3.1.7)
    bcrypt-ruby (3.1.5)
      bcrypt (>= 3.1.3)
    bluff (0.1.0)
    breadcrumbs_on_rails (2.3.0)
    builder (3.0.4)
    cancan (1.6.10)
    capistrano (3.2.1)
      i18n
      rake (>= 10.0.0)
      sshkit (~> 1.3)
    celluloid (0.15.2)
      timers (~> 1.1.0)
    chronic (0.10.2)
    chunky_png (1.2.5)
    churn (0.0.25)
      chronic (>= 0.2.3)
      hirb
      json_pure
      main
      ruby_parser (~> 2.3)
      sexp_processor (~> 3.0)
    ci_reporter (2.0.0)
      builder (>= 2.1.2)
    client_side_validations (3.2.6)
    cocaine (0.4.2)
    coderay (1.1.0)
    coffee-rails (3.2.2)
      coffee-script (>= 2.2.0)
      railties (~> 3.2.0)
    coffee-script (2.3.0)
      coffee-script-source
      execjs
    coffee-script-source (1.8.0)
    colored (1.2)
    colorize (0.7.3)
    configatron (2.9.1)
      yamler (>= 0.1.0)
    crass (0.2.1)
    daemons (1.1.9)
    dalli (2.7.2)
    database_cleaner (1.3.0)
    delayed_job (4.0.2)
      activesupport (>= 3.0, < 4.2)
    delayed_job_active_record (4.0.2)
      activerecord (>= 3.0, < 4.2)
      delayed_job (>= 3.0, < 4.1)
    devise (1.5.4)
      bcrypt-ruby (~> 3.0)
      orm_adapter (~> 0.0.3)
      warden (~> 1.1)
    diff-lcs (1.2.5)
    docile (1.1.5)
    dynamic_form (1.1.4)
    enju_book_jacket (0.1.0.pre)
      configatron
      rails (~> 3.2)
    enju_core (0.1.1.pre4)
      acts_as_list
      addressable
      attribute_normalizer (~> 1.1)
      cancan
      dalli
      devise
      friendly_id (~> 4.0)
      kaminari
      nested_form
      rails (~> 3.2)
      resque
      settingslogic
      sunspot_rails (~> 2.0.0)
    enju_manifestation_viewer (0.1.0.pre3)
      rails (~> 3.2)
    enju_ndl (0.1.0.pre3)
      library_stdnums
      lisbn
      nokogiri
      rails (~> 3.2)
    enju_oai (0.1.0.pre5)
      mobile-fu
      rails (~> 3.2)
    erubis (2.7.0)
    event-calendar (2.3.3)
    exception_notification (2.5.2)
      actionmailer (>= 3.0.4)
    execjs (2.2.1)
    factory_girl (3.6.2)
      activesupport (>= 3.0.0)
    factory_girl_rails (3.6.0)
      factory_girl (~> 3.6.0)
      railties (>= 3.0.0)
    fakeweb (1.3.0)
    fattr (2.2.1)
    ffi (1.9.3)
    file_wrapper (0.4.1)
    flay (1.2.1)
      ruby_parser (>= 1.1.0)
      sexp_processor (>= 3.0.0)
    flog (2.3.0)
      ruby_parser (~> 2.0)
      sexp_processor (~> 3.0)
    formatador (0.2.5)
    friendly_id (4.0.10.1)
      activerecord (>= 3.0, < 4.0)
    geocoder (1.2.4)
    googlecharts (1.6.8)
    guard (2.6.1)
      formatador (>= 0.2.4)
      listen (~> 2.7)
      lumberjack (~> 1.0)
      pry (>= 0.9.12)
      thor (>= 0.18.1)
    guard-rspec (4.3.1)
      guard (~> 2.1)
      rspec (>= 2.14, < 4.0)
    haml (4.0.5)
      tilt
    has_scope (0.6.0.rc)
      actionpack (>= 3.2, < 5)
      activesupport (>= 3.2, < 5)
    hashery (2.1.1)
    hashie (3.3.1)
    highline (1.6.21)
    hike (1.2.3)
    hirb (0.7.2)
    htmlentities (4.3.2)
    i18n (0.6.11)
    inherited_resources (1.5.0)
      has_scope (~> 0.6.0.rc)
      responders (~> 1.0)
    japgolly-Saikuro (1.1.1.0)
    journey (1.0.4)
    jpp_customercode_transfer (0.0.2)
      rails (~> 3.2.3)
    jquery-rails (3.1.1)
      railties (>= 3.0, < 5.0)
      thor (>= 0.14, < 2.0)
    json (1.8.1)
    json_pure (1.8.1)
    kaminari (0.15.1)
      actionpack (>= 3.0.0)
      activesupport (>= 3.0.0)
    kgio (2.9.2)
    library_stdnums (1.4.1)
    libv8 (3.16.14.3)
    lisbn (0.1.2)
      nori
    listen (2.7.9)
      celluloid (>= 0.15.2)
      rb-fsevent (>= 0.9.3)
      rb-inotify (>= 0.9)
    lumberjack (1.0.9)
    mail (2.4.4)
      i18n (>= 0.4.0)
      mime-types (~> 1.16)
      treetop (~> 1.4.8)
    main (6.0.0)
      arrayfields (>= 4.7.4)
      chronic (>= 0.6.2)
      fattr (>= 2.2.0)
      map (>= 5.1.0)
    map (6.2.0)
    method_source (0.8.2)
    metric_fu (2.1.3.7.19)
      activesupport (>= 2.0.0)
      arrayfields (= 4.7.4)
      bluff
      churn (= 0.0.25)
      coderay
      fattr (= 2.2.1)
      flay (= 1.2.1)
      flog (= 2.3.0)
      googlecharts
      japgolly-Saikuro (>= 1.1.1.0)
      map (= 6.2.0)
      metric_fu-roodi (>= 2.2.0)
      rails_best_practices (~> 0.10.1)
      rcov (~> 0.8)
      reek (= 1.2.12)
      sexp_processor (~> 3.0.3)
    metric_fu-roodi (3.0.0)
    mime-types (1.25.1)
    mini_portile (0.6.0)
    mobile-fu (1.3.1)
      rack-mobile-detect
      rails
    mono_logger (1.1.0)
    multi_json (1.10.1)
    nested_form (0.3.2)
    net-scp (1.2.1)
      net-ssh (>= 2.6.5)
    net-ssh (2.9.1)
    nokogiri (1.6.3.1)
      mini_portile (= 0.6.0)
    nokogumbo (1.1.9)
      nokogiri
    nori (1.1.5)
    omniauth (1.2.2)
      hashie (>= 1.2, < 4)
      rack (~> 1.0)
    options (2.3.2)
    orm_adapter (0.0.7)
    paper_trail (2.7.2)
      activerecord (~> 3.0)
      railties (~> 3.0)
    paperclip (2.8.0)
      activerecord (>= 2.3.0)
      activesupport (>= 2.3.2)
      cocaine (>= 0.0.2)
      mime-types
    parallel (1.3.0)
    parallel_tests (1.0.6)
      parallel
    paranoia (1.3.3)
      activerecord (~> 3.2)
    pdf-reader (1.3.3)
      Ascii85 (~> 1.0.0)
      afm (~> 0.2.0)
      hashery (~> 2.0)
      ruby-rc4
      ttfunk
    pg (0.17.1)
    polyglot (0.3.5)
    pr_geohash (1.0.0)
    prawn (1.0.0.rc1)
      pdf-reader (>= 0.9.0)
      ttfunk (~> 1.0.3)
    progress_bar (1.0.3)
      highline (~> 1.6.1)
      options (~> 2.3.0)
    pry (0.10.1)
      coderay (~> 1.1.0)
      method_source (~> 0.8.1)
      slop (~> 3.4)
    rack (1.4.5)
    rack-cache (1.2)
      rack (>= 0.4)
    rack-mobile-detect (0.4.0)
      rack
    rack-protection (1.5.3)
      rack
    rack-ssl (1.3.4)
      rack
    rack-test (0.6.2)
      rack (>= 1.0)
    rails (3.2.11)
      actionmailer (= 3.2.11)
      actionpack (= 3.2.11)
      activerecord (= 3.2.11)
      activeresource (= 3.2.11)
      activesupport (= 3.2.11)
      bundler (~> 1.0)
      railties (= 3.2.11)
    rails_autolink (1.1.6)
      rails (> 3.1)
    rails_best_practices (0.10.1)
      activesupport
      colored
      erubis
      haml
      i18n
      ruby-progressbar
      ruby_parser
    railties (3.2.11)
      actionpack (= 3.2.11)
      activesupport (= 3.2.11)
      rack-ssl (~> 1.3.2)
      rake (>= 0.8.7)
      rdoc (~> 3.4)
      thor (>= 0.14.6, < 2.0)
    rake (10.3.2)
    rb-fsevent (0.9.4)
    rb-inotify (0.9.5)
      ffi (>= 0.5.0)
    rcov (0.9.11)
    rdoc (3.12.2)
      json (~> 1.4)
    redis (3.1.0)
    redis-namespace (1.5.1)
      redis (~> 3.0, >= 3.0.4)
    reek (1.2.12)
      ripper_ruby_parser (~> 0.0.7)
      ruby2ruby (~> 1.2.5)
      ruby_parser (~> 2.0)
      sexp_processor (~> 3.0)
    ref (1.0.5)
    responders (1.1.1)
      railties (>= 3.2, < 4.2)
    resque (1.25.2)
      mono_logger (~> 1.0)
      multi_json (~> 1.0)
      redis-namespace (~> 1.3)
      sinatra (>= 0.9.2)
      vegas (~> 0.1.2)
    resque_mailer (2.2.6)
      actionmailer (>= 3.0)
    rghost (0.9.3)
    rghost_barcode (0.9)
    ri_cal (0.8.8)
    ripper_ruby_parser (0.0.8)
      sexp_processor (~> 3.0)
    rmagick (2.13.3)
    roo (1.13.2)
      nokogiri
      rubyzip
      spreadsheet (> 0.6.4)
    rqrcode (0.4.2)
    rscribd (1.3.0)
      mime-types
    rsolr (1.0.10)
      builder (>= 2.1.2)
    rspec (2.99.0)
      rspec-core (~> 2.99.0)
      rspec-expectations (~> 2.99.0)
      rspec-mocks (~> 2.99.0)
    rspec-collection_matchers (1.0.0)
      rspec-expectations (>= 2.99.0.beta1)
    rspec-core (2.99.2)
    rspec-expectations (2.99.2)
      diff-lcs (>= 1.1.3, < 2.0)
    rspec-mocks (2.99.2)
    rspec-rails (2.99.0)
      actionpack (>= 3.0)
      activemodel (>= 3.0)
      activesupport (>= 3.0)
      railties (>= 3.0)
      rspec-collection_matchers
      rspec-core (~> 2.99.0)
      rspec-expectations (~> 2.99.0)
      rspec-mocks (~> 2.99.0)
    ruby-ole (1.2.11.7)
    ruby-progressbar (1.5.1)
    ruby-rc4 (0.1.5)
    ruby2ruby (1.2.5)
      ruby_parser (~> 2.0)
      sexp_processor (~> 3.0)
    ruby_parser (2.3.1)
      sexp_processor (~> 3.0)
    rubyzip (1.0.0)
    sanitize (3.0.0)
      crass (~> 0.2.0)
      nokogiri (>= 1.4.4)
      nokogumbo (= 1.1.9)
    sass (3.4.2)
    sass-rails (3.2.6)
      railties (~> 3.2.0)
      sass (>= 3.1.10)
      tilt (~> 1.3)
    scribd_fu (2.0.11)
      rscribd
    settingslogic (2.0.9)
    sexp_processor (3.0.10)
    simple_form (1.5.2)
      actionpack (~> 3.0)
      activemodel (~> 3.0)
    simplecov (0.9.0)
      docile (~> 1.1.0)
      multi_json
      simplecov-html (~> 0.8.0)
    simplecov-html (0.8.0)
    sinatra (1.4.5)
      rack (~> 1.4)
      rack-protection (~> 1.4)
      tilt (~> 1.3, >= 1.3.4)
    sitemap_generator (3.4)
      builder
    slop (3.6.0)
    spinjs-rails (1.3)
      rails (>= 3.1)
    spork (1.0.0rc4)
    spork-rails (4.0.0)
      rails (>= 3.0.0, < 5)
      spork (>= 1.0rc0)
    spreadsheet (1.0.0)
      ruby-ole (>= 1.0)
    sprockets (2.2.2)
      hike (~> 1.2)
      multi_json (~> 1.0)
      rack (~> 1.0)
      tilt (~> 1.1, != 1.3.0)
    sshkit (1.5.1)
      colorize
      net-scp (>= 1.1.2)
      net-ssh (>= 2.8.0)
    state_machine (1.2.0)
    sunspot (2.0.0)
      pr_geohash (~> 1.0)
      rsolr (~> 1.0.7)
    sunspot_rails (2.0.0)
      nokogiri
      sunspot (= 2.0.0)
    sunspot_solr (2.0.0)
    therubyracer (0.12.1)
      libv8 (~> 3.16.14.0)
      ref
    thor (0.19.1)
    tilt (1.4.1)
    timecop (0.7.1)
    timeliness (0.3.7)
    timers (1.1.0)
    treetop (1.4.15)
      polyglot
      polyglot (>= 0.3.1)
    ttfunk (1.0.3)
    tzinfo (0.3.41)
    uglifier (2.5.3)
      execjs (>= 0.3.0)
      json (>= 1.8.0)
    validates_timeliness (3.0.14)
      timeliness (~> 0.3.6)
    vcr (2.0.1)
    vegas (0.1.11)
      rack (>= 1.0.0)
    warden (1.2.3)
      rack (>= 1.0)
    whenever (0.9.2)
      activesupport (>= 2.3.4)
      chronic (>= 0.6.3)
    yamler (0.1.0)

PLATFORMS
  ruby

DEPENDENCIES
  RedCloth (>= 4.2.9)
  acts-as-taggable-on (~> 2.2)
  acts_as_list
  addressable
  annotate
  attribute_normalizer (~> 1.1)
  awesome_nested_set (~> 2.0)
  aws-sdk (~> 1.3)
  axlsx
  barby (~> 0.5)
  cancan (>= 1.6.7)
  capistrano
  chunky_png (= 1.2.5)
  ci_reporter
  client_side_validations
  cocaine (= 0.4.2)
  coffee-rails (~> 3.2.1)
  configatron (= 2.9.1)
  daemons
  dalli (~> 2.6)
  database_cleaner
  delayed_job_active_record
  devise (~> 1.5)
  dynamic_form
  enju_book_jacket (= 0.1.0.pre)
  enju_manifestation_viewer (= 0.1.0.pre3)
  enju_message!
  enju_ndl (= 0.1.0.pre3)
  enju_oai (= 0.1.0.pre5)
  enju_ssf!
  enju_trunk_circulation!
  enju_trunk_event!
  enju_trunk_frbr!
  enju_trunk_ill!
  enju_trunk_statistics!
  event-calendar
  exception_notification (~> 2.5.2)
  factory_girl_rails (~> 3.0)
  fakeweb
  file_wrapper
  friendly_id (~> 4.0)
  geocoder
  guard-rspec
  has_scope
  inherited_resources (~> 1.3)
  jpp_customercode_transfer (~> 0.0.2)
  jquery-rails
  kaminari (~> 0.15.1)
  kgio
  library_stdnums
  lisbn
  metric_fu (~> 2.1)
  mobile-fu
  nokogiri
  nori (~> 1.1.5)
  omniauth (>= 0.2.6)
  paper_trail (~> 2.6)
  paperclip (= 2.8)
  parallel
  parallel_tests
  paranoia
  pg
  prawn (= 1.0.0.rc1)
  progress_bar
  rack-protection
  rails (= 3.2.11)
  rails_autolink
  rcov (= 0.9.11)
  rghost (= 0.9.3)
  rghost_barcode
  ri_cal
  rmagick
  roo
  rqrcode
  rspec-rails (~> 2.9)
  sanitize
  sass-rails (~> 3.2.3)
  scribd_fu
  settingslogic
  simple_form (~> 1.5)
  simplecov (~> 0.6)
  sitemap_generator (~> 3.0)
  spinjs-rails
  spork-rails
  state_machine
  sunspot-rails-tester!
  sunspot_rails (~> 2.0.0.pre.120925)
  sunspot_solr (~> 2.0.0.pre.120417)
  therubyracer
  thinreports!
  timecop
  uglifier (>= 1.0.3)
  validates_timeliness
  vcr (~> 2.0.0.rc2)
  whenever (~> 0.6)
