GIT
  remote: git://github.com/emiko/enju_trunk_circulation.git
  revision: e9e362f5cc0187878bbfb408f47756b8432a236b
  tag: v0.9.2.1
  specs:
    enju_trunk_circulation (0.9.2.1)
      rails (~> 3.2.8)

GIT
  remote: git://github.com/emiko/enju_trunk_frbr.git
  revision: dab371339c060bd1e7a27b244712addce4d01a2e
  specs:
    enju_trunk_frbr (1.0.0)
      lisbn
      nori (~> 2.0)
      rails (~> 3.2)

GIT
  remote: git://github.com/emiko/enju_trunk_ill.git
  revision: 84a1be94b08644fc34541a49b0a66172b1826eed
  specs:
    enju_trunk_ill (0.1)
      rails (~> 3.2.8)

GIT
  remote: git://github.com/emiko/enju_trunk_statistics.git
  revision: a5451ff25c798d5b39ac712d149367e28ab5fd87
  specs:
    enju_trunk_statistics (0.0.1)
      rails (~> 3.2.8)

GIT
  remote: git://github.com/emiko/thinreports-generator.git
  revision: 5c207f641c742a4116e45a30d1e1b52abd4d05ba
  specs:
    thinreports (0.7.6)
      prawn (>= 0.12.0)

GIT
  remote: git://github.com/nabeta/sunspot-rails-tester.git
  revision: 34a55ca47c935ada9540a76fa2e2261e1e8b407d
  specs:
    sunspot-rails-tester (0.0.4)
      sunspot_rails (>= 1.2)
      sunspot_solr (>= 1.2)

GIT
  remote: git://github.com/nakamura-akifumi/rghost.git
  revision: 6ea9d372b458ca544cc14b4fcbe8076c0ddb0f5f
  branch: patch-ruby20
  specs:
    rghost (0.8.7.9)

GIT
  remote: git://github.com/next-l/enju_manifestation_viewer.git
  revision: 5d0e9544ad946e31d03d8a9858c7e0ae7c1cd365
  specs:
    enju_manifestation_viewer (0.1.0.pre3)
      rails (~> 3.2)

GIT
  remote: git://github.com/next-l/enju_oai.git
  revision: ce972c725552c73eccd12f5788a7e6315cc0050a
  specs:
    enju_oai (0.1.0.pre5)
      mobile-fu
      rails (~> 3.2)

GIT
  remote: git://github.com/shinozuka/enju_bookmark.git
  revision: 312b38ab29d1e5fa3b7d8b10bf6a6d42094b232d
  specs:
    enju_bookmark (0.1.1)
      acts-as-taggable-on (~> 2.3)
      rails (~> 3.2)
      state_machine

GIT
  remote: git://github.com/shinozuka/enju_trunk_event.git
  revision: fac57540d5e3c71c308a12cf79ed5f6080178598
  specs:
    enju_event (0.1.17.pre3)
      enju_core (~> 0.1.1.pre)
      enju_message (~> 0.1.14.pre)
      event-calendar (~> 2.3.3)
      has_scope
      inherited_resources
      paperclip
      rails (~> 3.2)
      simple_form
      state_machine

GIT
  remote: git://github.com/shinozuka/enju_trunk_message.git
  revision: f41f1e1fd3e3fa55fc7fe2d663a075fbe01bebe5
  specs:
    enju_message (0.1.14.pre3)
      awesome_nested_set (~> 2.1)
      enju_core (~> 0.1.1.pre2)
      inherited_resources
      rails (~> 3.2)
      resque_mailer
      simple_form
      state_machine

GIT
  remote: https://github.com/MiraitSystems/enju_jma.git
  revision: ff7ee4da6cb34d1adf45357a1c5456fc22c72aaa
  specs:
    enju_jma (0.0.1)
      enju_trunk_circulation
      enju_trunk_frbr
      rails (~> 3.2.8)

GEM
  remote: https://rubygems.org/
  specs:
    Ascii85 (1.0.2)
    RedCloth (4.2.9)
    actionmailer (3.2.11)
      actionpack (= 3.2.11)
      mail (~> 2.4.4)
    actionpack (3.2.11)
      activemodel (= 3.2.11)
      activesupport (= 3.2.11)
      builder (~> 3.0.0)
      erubis (~> 2.7.0)
      journey (~> 1.0.4)
      rack (~> 1.4.0)
      rack-cache (~> 1.2)
      rack-test (~> 0.6.1)
      sprockets (~> 2.2.1)
    activemodel (3.2.11)
      activesupport (= 3.2.11)
      builder (~> 3.0.0)
    activerecord (3.2.11)
      activemodel (= 3.2.11)
      activesupport (= 3.2.11)
      arel (~> 3.0.2)
      tzinfo (~> 0.3.29)
    activeresource (3.2.11)
      activemodel (= 3.2.11)
      activesupport (= 3.2.11)
    activesupport (3.2.11)
      i18n (~> 0.6)
      multi_json (~> 1.0)
    acts-as-taggable-on (2.3.3)
      rails (~> 3.0)
    acts_as_list (0.1.9)
    addressable (2.3.2)
    afm (0.2.0)
    annotate (2.5.0)
      rake
    arel (3.0.2)
    attribute_normalizer (1.1.0)
    awesome_nested_set (2.1.5)
      activerecord (>= 3.0.0)
    axlsx (1.3.4)
      htmlentities (~> 4.3.1)
      nokogiri (>= 1.4.1)
      rubyzip (>= 0.9.5)
    barby (0.5.0)
    bcrypt-ruby (3.0.1)
    builder (3.0.4)
    cancan (1.6.8)
    capistrano (2.14.1)
      highline
      net-scp (>= 1.0.0)
      net-sftp (>= 2.0.0)
      net-ssh (>= 2.0.14)
      net-ssh-gateway (>= 1.1.0)
    choice (0.1.6)
    chronic (0.9.0)
    chunky_png (1.2.5)
    ci_reporter (1.8.4)
      builder (>= 2.1.2)
    client_side_validations (3.2.1)
    cocaine (0.4.2)
    coderay (1.0.8)
    coffee-rails (3.2.2)
      coffee-script (>= 2.2.0)
      railties (~> 3.2.0)
    coffee-script (2.2.0)
      coffee-script-source
      execjs
    coffee-script-source (1.4.0)
    daemons (1.1.9)
    dalli (1.1.5)
    database_cleaner (0.9.1)
    delayed_job (3.0.5)
      activesupport (~> 3.0)
    delayed_job_active_record (0.3.3)
      activerecord (>= 2.1.0, < 4)
      delayed_job (~> 3.0)
    devise (1.5.4)
      bcrypt-ruby (~> 3.0)
      orm_adapter (~> 0.0.3)
      warden (~> 1.1)
    diff-lcs (1.1.3)
    dynamic_form (1.1.4)
    enju_book_jacket (0.1.0.pre2)
      rails (~> 3.2)
    enju_core (0.1.1.pre2)
      acts_as_list
      addressable
      attribute_normalizer (~> 1.1)
      cancan
      devise
      friendly_id (~> 4.0)
      kaminari
      mobile-fu
      rails (~> 3.2)
      resque
      settingslogic
      sunspot_rails (~> 2.0.0.pre.120925)
    enju_ndl (0.1.0.pre8)
      library_stdnums
      lisbn
      nokogiri
      rails (~> 3.2)
    enju_subject (0.1.0.pre4)
      dynamic_form
      enju_core
      inherited_resources
      rails (~> 3.2)
    erubis (2.7.0)
    event-calendar (2.3.3)
    exception_notification (2.5.2)
      actionmailer (>= 3.0.4)
    execjs (1.4.0)
      multi_json (~> 1.0)
    factory_girl (3.6.2)
      activesupport (>= 3.0.0)
    factory_girl_rails (3.6.0)
      factory_girl (~> 3.6.0)
      railties (>= 3.0.0)
    fakeweb (1.3.0)
    faraday (0.8.4)
      multipart-post (~> 1.1)
    fattr (2.2.1)
    file_wrapper (0.4.1)
    friendly_id (4.0.9)
    geocoder (1.1.6)
    google-spreadsheet-ruby (0.3.1)
      google_drive (>= 0.3.0)
    google_drive (0.3.3)
      nokogiri (>= 1.4.4, != 1.5.2, != 1.5.1)
      oauth (>= 0.3.6)
      oauth2 (>= 0.5.0)
    guard (1.6.2)
      listen (>= 0.6.0)
      lumberjack (>= 1.0.2)
      pry (>= 0.9.10)
      terminal-table (>= 1.4.3)
      thor (>= 0.14.6)
    guard-rspec (2.4.0)
      guard (>= 1.1)
      rspec (~> 2.11)
    has_scope (0.5.1)
    hashery (2.1.0)
    hashie (1.2.0)
    highline (1.6.15)
    hike (1.2.1)
    htmlentities (4.3.1)
    httpauth (0.2.0)
    i18n (0.6.1)
    inherited_resources (1.3.1)
      has_scope (~> 0.5.0)
      responders (~> 0.6)
    journey (1.0.4)
    jpp_customercode_transfer (0.0.2)
      rails (~> 3.2.3)
    jquery-rails (2.2.0)
      railties (>= 3.0, < 5.0)
      thor (>= 0.14, < 2.0)
    json (1.7.6)
    jwt (0.1.5)
      multi_json (>= 1.0)
    kaminari (0.14.1)
      actionpack (>= 3.0.0)
      activesupport (>= 3.0.0)
    kgio (2.8.0)
    library_stdnums (1.2.0)
    libv8 (3.11.8.13)
    lisbn (0.1.3)
      nokogiri
      nori (~> 2.0)
    listen (0.7.2)
    log4r (1.1.10)
    lumberjack (1.0.2)
    mail (2.4.4)
      i18n (>= 0.4.0)
      mime-types (~> 1.16)
      treetop (~> 1.4.8)
    method_source (0.8.1)
    mime-types (1.19)
    mobile-fu (1.1.1)
      rack-mobile-detect
      rails
    multi_json (1.5.0)
    multipart-post (1.1.5)
    net-scp (1.0.4)
      net-ssh (>= 1.99.1)
    net-sftp (2.0.5)
      net-ssh (>= 2.0.9)
    net-ssh (2.6.3)
    net-ssh-gateway (1.1.0)
      net-ssh (>= 1.99.1)
    nokogiri (1.5.6)
    nori (2.0.3)
    oauth (0.4.7)
    oauth2 (0.8.0)
      faraday (~> 0.8)
      httpauth (~> 0.1)
      jwt (~> 0.1.4)
      multi_json (~> 1.0)
      rack (~> 1.2)
    omniauth (1.1.1)
      hashie (~> 1.2)
      rack
    options (2.3.0)
      fattr
    orm_adapter (0.0.7)
    paper_trail (2.7.0)
      activerecord (~> 3.0)
      railties (~> 3.0)
    paperclip (2.8.0)
      activerecord (>= 2.3.0)
      activesupport (>= 2.3.2)
      cocaine (>= 0.0.2)
      mime-types
    parallel (0.6.1)
    parallel_tests (0.9.3)
      parallel
    paranoia (1.2.0)
      activerecord (>= 3.0.0)
    pdf-reader (1.3.0)
      Ascii85 (~> 1.0.0)
      afm (~> 0.2.0)
      hashery (~> 2.0)
      ruby-rc4
      ttfunk
    pg (0.14.1)
    polyglot (0.3.3)
    pr_geohash (1.0.0)
    prawn (1.0.0.rc1)
      pdf-reader (>= 0.9.0)
      ttfunk (~> 1.0.3)
    progress_bar (0.4.0)
      highline (~> 1.6.1)
      options (~> 2.3.0)
    pry (0.9.11.4)
      coderay (~> 1.0.5)
      method_source (~> 0.8)
      slop (~> 3.4)
    rack (1.4.4)
    rack-cache (1.2)
      rack (>= 0.4)
    rack-mobile-detect (0.4.0)
      rack
    rack-protection (1.3.2)
      rack
    rack-ssl (1.3.3)
      rack
    rack-test (0.6.2)
      rack (>= 1.0)
    rails (3.2.11)
      actionmailer (= 3.2.11)
      actionpack (= 3.2.11)
      activerecord (= 3.2.11)
      activeresource (= 3.2.11)
      activesupport (= 3.2.11)
      bundler (~> 1.0)
      railties (= 3.2.11)
    rails_autolink (1.0.9)
      rails (~> 3.1)
    railties (3.2.11)
      actionpack (= 3.2.11)
      activesupport (= 3.2.11)
      rack-ssl (~> 1.3.2)
      rake (>= 0.8.7)
      rdoc (~> 3.4)
      thor (>= 0.14.6, < 2.0)
    rake (10.0.3)
    rdoc (3.12)
      json (~> 1.4)
    redis (3.0.2)
    redis-namespace (1.2.1)
      redis (~> 3.0.0)
    ref (1.0.2)
    responders (0.9.3)
      railties (~> 3.1)
    resque (1.23.0)
      multi_json (~> 1.0)
      redis-namespace (~> 1.0)
      sinatra (>= 0.9.2)
      vegas (~> 0.1.2)
    resque_mailer (2.2.2)
      actionmailer (~> 3.0)
    rghost_barcode (0.9)
    ri_cal (0.8.8)
    rmagick (2.13.1)
    roo (1.10.1)
      choice (>= 0.1.4)
      google-spreadsheet-ruby (>= 0.1.5)
      nokogiri (>= 1.5.0)
      rubyzip (>= 0.9.4)
      spreadsheet (> 0.6.4)
      todonotes (>= 0.1.0)
    rqrcode (0.4.2)
    rscribd (1.3.0)
      mime-types
    rsolr (1.0.8)
      builder (>= 2.1.2)
    rspec (2.12.0)
      rspec-core (~> 2.12.0)
      rspec-expectations (~> 2.12.0)
      rspec-mocks (~> 2.12.0)
    rspec-core (2.12.2)
    rspec-expectations (2.12.1)
      diff-lcs (~> 1.1.3)
    rspec-mocks (2.12.2)
    rspec-rails (2.12.2)
      actionpack (>= 3.0)
      activesupport (>= 3.0)
      railties (>= 3.0)
      rspec-core (~> 2.12.0)
      rspec-expectations (~> 2.12.0)
      rspec-mocks (~> 2.12.0)
    ruby-ole (1.2.11.6)
    ruby-rc4 (0.1.5)
    rubyzip (0.9.9)
    sanitize (2.0.3)
      nokogiri (>= 1.4.4, < 1.6)
    sass (3.2.5)
    sass-rails (3.2.6)
      railties (~> 3.2.0)
      sass (>= 3.1.10)
      tilt (~> 1.3)
    scribd_fu (2.0.11)
      rscribd
    settingslogic (2.0.9)
    simple_form (1.5.2)
      actionpack (~> 3.0)
      activemodel (~> 3.0)
    sinatra (1.3.4)
      rack (~> 1.4)
      rack-protection (~> 1.3)
      tilt (~> 1.3, >= 1.3.3)
    sitemap_generator (3.4)
      builder
    slop (3.4.3)
    spinjs-rails (1.2.7)
      rails (>= 3.1)
    spork (1.0.0rc3)
    spork-rails (3.2.1)
      rails (>= 3.0.0, < 3.3.0)
      spork (>= 1.0rc0)
    spreadsheet (0.7.7)
      ruby-ole (>= 1.0)
    sprockets (2.2.2)
      hike (~> 1.2)
      multi_json (~> 1.0)
      rack (~> 1.0)
      tilt (~> 1.1, != 1.3.0)
    state_machine (1.1.2)
    sunspot (2.0.0.pre.130115)
      pr_geohash (~> 1.0)
      rsolr (~> 1.0.7)
    sunspot_rails (2.0.0.pre.130115)
      nokogiri
      sunspot (= 2.0.0.pre.130115)
    sunspot_solr (2.0.0.pre.130115)
    terminal-table (1.4.5)
    therubyracer (0.11.3)
      libv8 (~> 3.11.8.12)
      ref
    thor (0.17.0)
    tilt (1.3.3)
    timecop (0.5.9.1)
    timeliness (0.3.7)
    todonotes (0.1.1)
      log4r
    treetop (1.4.12)
      polyglot
      polyglot (>= 0.3.1)
    ttfunk (1.0.3)
    tzinfo (0.3.35)
    uglifier (1.3.0)
      execjs (>= 0.3.0)
      multi_json (~> 1.0, >= 1.0.2)
    validates_timeliness (3.0.14)
      timeliness (~> 0.3.6)
    vcr (2.0.1)
    vegas (0.1.11)
      rack (>= 1.0.0)
    warden (1.2.1)
      rack (>= 1.0)
    whenever (0.8.2)
      activesupport (>= 2.3.4)
      chronic (>= 0.6.3)

PLATFORMS
  ruby

DEPENDENCIES
  RedCloth (>= 4.2.9)
  acts-as-taggable-on (~> 2.2)
  acts_as_list
  addressable
  annotate
  attribute_normalizer (~> 1.1)
  awesome_nested_set (~> 2.0)
  axlsx
  barby (~> 0.5)
  cancan (>= 1.6.7)
  capistrano
  chunky_png (= 1.2.5)
  ci_reporter
  client_side_validations
  cocaine (= 0.4.2)
  coffee-rails (~> 3.2.1)
  daemons
  dalli (~> 1.1)
  database_cleaner
  delayed_job_active_record
  devise (~> 1.5)
  dynamic_form
  enju_book_jacket (= 0.1.0.pre2)
  enju_bookmark!
  enju_event!
  enju_jma!
  enju_manifestation_viewer!
  enju_message!
  enju_ndl (= 0.1.0.pre8)
  enju_oai!
  enju_subject (~> 0.1.0.pre4)
  enju_trunk_circulation!
  enju_trunk_frbr!
  enju_trunk_ill!
  enju_trunk_statistics!
  event-calendar
  exception_notification (~> 2.5.2)
  factory_girl_rails (~> 3.0)
  fakeweb
  file_wrapper
  friendly_id (~> 4.0)
  geocoder
  guard-rspec
  has_scope
  inherited_resources (~> 1.3)
  jpp_customercode_transfer (~> 0.0.2)
  jquery-rails
  kaminari
  kgio
  library_stdnums
  lisbn
  mobile-fu
  nokogiri
  nori (~> 2.0)
  omniauth (>= 0.2.6)
  paper_trail (~> 2.6)
  paperclip (= 2.8)
  parallel
  parallel_tests
  paranoia
  pg
  prawn (= 1.0.0.rc1)
  progress_bar
  rack-protection
  rails (= 3.2.11)
  rails_autolink
  rghost!
  rghost_barcode
  ri_cal
  rmagick
  roo
  rqrcode
  rspec-rails (~> 2.9)
  sanitize
  sass-rails (~> 3.2.3)
  scribd_fu
  settingslogic
  simple_form (~> 1.5)
  sitemap_generator (~> 3.0)
  spinjs-rails
  spork-rails
  state_machine
  sunspot-rails-tester!
  sunspot_rails (~> 2.0.0.pre.120925)
  sunspot_solr (~> 2.0.0.pre.120417)
  therubyracer
  thinreports!
  timecop
  uglifier (>= 1.0.3)
  validates_timeliness
  vcr (~> 2.0.0.rc2)
  whenever (~> 0.6)
